FRAMEWORK: >= NET40

GROUP Analyzers
FRAMEWORK: >= NET45
NUGET
  remote: http://www.nuget.org/api/v2
  specs:
    JetBrains.Annotations (10.2.1)
    StyleCop.Analyzers (1.0.0)
    WpfAnalyzers (0.2.1.7-dev)

GROUP Test
FRAMEWORK: >= NET45
NUGET
  remote: http://www.nuget.org/api/v2
  specs:
    NUnit (3.5.0)
